GEM
  remote: http://rubygems.org/
  specs:
    fivemat (1.0.0)
    minitest (3.0.0)
    mynyml-redgreen (0.7.1)
      term-ansicolor (>= 1.0.4)
    rake (0.9.2.2)
    term-ansicolor (1.0.7)

PLATFORMS
  ruby

DEPENDENCIES
  fivemat
  minitest
  mynyml-redgreen
  rake
